GEM
  remote: http://ruby.taobao.org/
  specs:
    bootstrap-sass (2.2.2.0)
      sass (~> 3.2)
    chunky_png (1.2.8)
    compass (0.12.2)
      chunky_png (~> 1.2)
      fssm (>= 0.2.7)
      sass (~> 3.1)
    fssm (0.2.10)
    rake (10.0.4)
    sass (3.2.7)

PLATFORMS
  ruby

DEPENDENCIES
  bootstrap-sass (~> 2.2.2.0)
  compass (~> 0.12.2)
  rake (~> 10.0.3)
